PATH
  remote: .
  specs:
    motion-xray (1.0.8)
      motion-kit (>= 0.9.0)
      sugarcube (>= 1.6.0)

GEM
  remote: https://rubygems.org/
  specs:
    dbt (1.1.4)
    motion-kit (0.9.4)
      dbt
    sugarcube (1.6.0)

PLATFORMS
  ruby

DEPENDENCIES
  motion-xray!
