PATH
  remote: ../motion-kit
  specs:
    motion-kit (0.10.7)
      dbt (~> 1.1.5)

PATH
  remote: ../motion-kit-events
  specs:
    motion-kit-events (0.2.1)
      dbt
      motion-kit

PATH
  remote: ../sugarcube
  specs:
    sugarcube (2.0.0)

PATH
  remote: ../sweet-kit
  specs:
    sweet-kit (0.3.0)
      motion-kit
      sugarcube

GEM
  remote: https://rubygems.org/
  specs:
    awesome_print_motion (0.1.0)
    dbt (1.1.5)

PLATFORMS
  ruby

DEPENDENCIES
  awesome_print_motion
  dbt
  motion-kit!
  motion-kit-events!
  sugarcube!
  sweet-kit!
