PATH
  remote: ../motion-kit
  specs:
    motion-kit (0.17.0)
      dbt (~> 1.1.5)

PATH
  remote: ../motion-kit-events
  specs:
    motion-kit-events (0.3.1)
      dbt
      motion-kit

PATH
  remote: ../sugarcube
  specs:
    sugarcube (3.0.7)

PATH
  remote: ../sweet-kit
  specs:
    sweet-kit (0.4.0)
      motion-kit (~> 0.17.0)
      sugarcube

GEM
  remote: https://rubygems.org/
  specs:
    awesome_print_motion (0.1.0)
    dbt (1.1.5)

PLATFORMS
  ruby

DEPENDENCIES
  awesome_print_motion
  dbt
  motion-kit!
  motion-kit-events!
  sugarcube!
  sweet-kit!
